GEM
  remote: https://rubygems.org/
  specs:
    mini_portile2 (2.4.0)
    nokogiri (1.9.1)
      mini_portile2 (~> 2.4.0)
    terminal-table (1.8.0)
      unicode-display_width (~> 1.1, >= 1.1.1)
    unicode-display_width (1.4.1)

PLATFORMS
  ruby

DEPENDENCIES
  nokogiri
  terminal-table

BUNDLED WITH
   1.14.5
